GEM
  remote: https://rubygems.org/
  specs:
    coderay (1.1.1)
    ice_nine (0.11.2)
    method_source (0.8.2)
    multi_json (1.12.1)
    oj (3.0.10)
    pry (0.10.4)
      coderay (~> 1.1.0)
      method_source (~> 0.8.1)
      slop (~> 3.4)
    pry-doc (0.10.0)
      pry (~> 0.9)
      yard (~> 0.9)
    slop (3.6.0)
    yard (0.9.9)

PLATFORMS
  ruby

DEPENDENCIES
  ice_nine
  multi_json
  oj
  pry
  pry-doc

BUNDLED WITH
   1.15.3
